GEM
  remote: https://rubygems.org/
  specs:
    corosync (0.0.3)
      ffi (~> 1.9)
    diff-lcs (1.2.4)
    ffi (1.9.3)
    json (1.8.1)
    rake (10.1.0)
    rdoc (4.0.1)
      json (~> 1.4)
    rspec (2.14.1)
      rspec-core (~> 2.14.0)
      rspec-expectations (~> 2.14.0)
      rspec-mocks (~> 2.14.0)
    rspec-core (2.14.6)
    rspec-expectations (2.14.3)
      diff-lcs (>= 1.1.3, < 2.0)
    rspec-mocks (2.14.4)
    yard (0.8.7.2)

PLATFORMS
  ruby

DEPENDENCIES
  corosync (~> 0.0.3)
  rake
  rdoc
  rspec
  yard
