GIT
  remote: git@github.com:phemmer/ruby-corosync.git
  revision: 35edec9b6fa7f6e1185b95aa1adb22bca5f48337
  specs:
    corosync (0.0.1)
      ffi (~> 1.9)

GEM
  remote: https://rubygems.org/
  specs:
    diff-lcs (1.2.4)
    ffi (1.9.1)
    json (1.8.1)
    rake (10.1.0)
    rdoc (4.0.1)
      json (~> 1.4)
    rspec (2.14.1)
      rspec-core (~> 2.14.0)
      rspec-expectations (~> 2.14.0)
      rspec-mocks (~> 2.14.0)
    rspec-core (2.14.6)
    rspec-expectations (2.14.3)
      diff-lcs (>= 1.1.3, < 2.0)
    rspec-mocks (2.14.4)
    yard (0.8.7.2)

PLATFORMS
  ruby

DEPENDENCIES
  corosync!
  rake
  rdoc
  rspec
  yard
